PATH
  remote: .
  specs:
    codebot (0.1.0)
      cinch (~> 2.3)
      sinatra (~> 2.0)
      thor (~> 0.20.0)

GEM
  remote: https://rubygems.org/
  specs:
    cinch (2.3.4)
    mustermann (1.0.2)
    rack (2.0.4)
    rack-protection (2.0.1)
      rack
    rake (12.3.0)
    sinatra (2.0.1)
      mustermann (~> 1.0)
      rack (~> 2.0)
      rack-protection (= 2.0.1)
      tilt (~> 2.0)
    thor (0.20.0)
    tilt (2.0.8)

PLATFORMS
  ruby

DEPENDENCIES
  bundler (~> 1.16)
  codebot!
  rake (~> 12.0)

BUNDLED WITH
   1.16.1
